PATH
  remote: .
  specs:
    southmunn (0.1.0)

GEM
  remote: https://rubygems.org/
  specs:
    activesupport (6.0.3.2)
      concurrent-ruby (~> 1.0, >= 1.0.2)
      i18n (>= 0.7, < 2)
      minitest (~> 5.1)
      tzinfo (~> 1.1)
      zeitwerk (~> 2.2, >= 2.2.2)
    addressable (2.7.0)
      public_suffix (>= 2.0.2, < 5.0)
    awesome_print (1.8.0)
    backports (3.18.1)
    bigdecimal (2.0.0)
    clbustos-rtf (0.4.2)
    coderay (1.1.3)
    concurrent-ruby (1.1.6)
    contracts (0.16.0)
    daru (0.1.6)
      backports
    diff-lcs (1.4.4)
    dirty-memoize (0.0.4)
    distribution (0.7.3)
    domain_name (0.5.20190701)
      unf (>= 0.0.5, < 1.0.0)
    edgar (0.0.12)
      nokogiri
    extendmatrix (0.4)
    fileutils (1.4.1)
    finmodeling (0.2.1)
      edgar
      fileutils
      gsl
      naive_bayes
      nasdaq_query
      sec_query
      statsample
      xbrlware-extras (= 1.1.2.19.3)
      xbrlware-ruby19 (= 1.1.2.19.2)
      yahoofinance
    gsl (2.1.0.3)
    http-accept (1.7.0)
    http-cookie (1.0.3)
      domain_name (~> 0.5)
    i18n (1.8.3)
      concurrent-ruby (~> 1.0)
    logger (1.4.2)
    method_source (0.9.2)
    mime-types (3.3.1)
      mime-types-data (~> 3.2015)
    mime-types-data (3.2020.0512)
    mini_portile2 (2.4.0)
    minimization (0.2.5)
      text-table (~> 1.2)
    minitest (5.14.1)
    naive_bayes (0.0.3)
    nasdaq_query (0.0.2)
      nokogiri
    netrc (0.11.0)
    nokogiri (1.10.9)
      mini_portile2 (~> 2.4.0)
    prawn (0.8.4)
      prawn-core (>= 0.8.4, < 0.9)
      prawn-layout (>= 0.8.4, < 0.9)
      prawn-security (>= 0.8.4, < 0.9)
    prawn-core (0.8.4)
    prawn-layout (0.8.4)
    prawn-security (0.8.4)
    prawn-svg (0.9.1.11)
      prawn (>= 0.8.4)
    pry (0.12.2)
      coderay (~> 1.1.0)
      method_source (~> 0.9.0)
    public_suffix (4.0.5)
    rake (10.5.0)
    reportbuilder (1.4.2)
      clbustos-rtf (~> 0.4.0)
      prawn (~> 0.8.4)
      prawn-svg (~> 0.9.1)
      text-table (~> 1.2)
    rest-client (2.1.0)
      http-accept (>= 1.7.0, < 2.0)
      http-cookie (>= 1.0.2, < 2.0)
      mime-types (>= 1.16, < 4.0)
      netrc (~> 0.8)
    rserve-client (0.3.5)
    rspec (3.9.0)
      rspec-core (~> 3.9.0)
      rspec-expectations (~> 3.9.0)
      rspec-mocks (~> 3.9.0)
    rspec-core (3.9.2)
      rspec-support (~> 3.9.3)
    rspec-expectations (3.9.2)
      diff-lcs (>= 1.2.0, < 2.0)
      rspec-support (~> 3.9.0)
    rspec-mocks (3.9.1)
      diff-lcs (>= 1.2.0, < 2.0)
      rspec-support (~> 3.9.0)
    rspec-support (3.9.3)
    ruby-ole (1.2.12.2)
    rubyvis (0.6.1)
    sec_query (1.4.0)
      activesupport
      addressable (~> 2.5)
      nokogiri (>= 1.8.5)
      rest-client (~> 2.0)
    spreadsheet (1.2.6)
      ruby-ole (>= 1.0)
    statsample (2.1.0)
      awesome_print (~> 1.6)
      daru (~> 0.1.6)
      dirty-memoize (~> 0.0.4)
      distribution (~> 0.7)
      extendmatrix (~> 0.4)
      minimization (~> 0.2)
      reportbuilder (~> 1.4)
      rserve-client (~> 0.3)
      rubyvis (~> 0.6.1)
      spreadsheet (~> 1.1)
    text-table (1.2.4)
    thread_safe (0.3.6)
    tzinfo (1.2.7)
      thread_safe (~> 0.1)
    unf (0.1.4)
      unf_ext
    unf_ext (0.0.7.7)
    xbrlware-extras (1.1.2.19.3)
      xbrlware-ruby19 (= 1.1.2.19.2)
    xbrlware-ruby19 (1.1.2.19.2)
      bigdecimal
      logger
      xml-simple
    xml-simple (1.1.5)
    yahoofinance (1.2.2)
    yquotes (2.1.0)
      daru (~> 0.1.5)
      nokogiri (~> 1)
    zeitwerk (2.3.1)

PLATFORMS
  ruby

DEPENDENCIES
  bundler (~> 1.7)
  contracts
  finmodeling
  gsl
  pry
  rake
  rspec
  southmunn!
  yquotes

BUNDLED WITH
   1.17.2
